PATH
  remote: .
  specs:
    maxitest (1.0.2)
      minitest (>= 5.0.0, < 5.5.0)

GEM
  remote: https://rubygems.org/
  specs:
    bump (0.5.0)
    diff-lcs (1.2.5)
    minitest (5.4.3)
    rake (10.3.2)
    rspec (3.1.0)
      rspec-core (~> 3.1.0)
      rspec-expectations (~> 3.1.0)
      rspec-mocks (~> 3.1.0)
    rspec-core (3.1.4)
      rspec-support (~> 3.1.0)
    rspec-expectations (3.1.1)
      diff-lcs (>= 1.2.0, < 2.0)
      rspec-support (~> 3.1.0)
    rspec-mocks (3.1.1)
      rspec-support (~> 3.1.0)
    rspec-support (3.1.0)
    wwtd (0.5.5)

PLATFORMS
  ruby

DEPENDENCIES
  bump
  maxitest!
  rake
  rspec
  wwtd
