PATH
  remote: .
  specs:
    maxitest (5.3.1)
      minitest (>= 5.14.0, < 5.20.0)

GEM
  remote: https://rubygems.org/
  specs:
    bump (0.10.0)
    debug (1.8.0)
      irb (>= 1.5.0)
      reline (>= 0.3.1)
    diff-lcs (1.5.0)
    io-console (0.6.0)
    irb (1.7.0)
      reline (>= 0.3.0)
    minitest (5.18.1)
    rake (13.0.6)
    reline (0.3.5)
      io-console (~> 0.5)
    rspec (3.12.0)
      rspec-core (~> 3.12.0)
      rspec-expectations (~> 3.12.0)
      rspec-mocks (~> 3.12.0)
    rspec-core (3.12.2)
      rspec-support (~> 3.12.0)
    rspec-expectations (3.12.3)
      diff-lcs (>= 1.2.0, < 2.0)
      rspec-support (~> 3.12.0)
    rspec-mocks (3.12.5)
      diff-lcs (>= 1.2.0, < 2.0)
      rspec-support (~> 3.12.0)
    rspec-support (3.12.0)

PLATFORMS
  ruby

DEPENDENCIES
  bump
  debug
  maxitest!
  rake
  rspec

BUNDLED WITH
   2.4.6
